GEM
  remote: https://rubygems.org/
  specs:
    byebug (10.0.2)
    concurrent-ruby (1.0.5)
    faker (1.9.1)
      i18n (>= 0.7)
    i18n (1.1.0)
      concurrent-ruby (~> 1.0)

PLATFORMS
  ruby

DEPENDENCIES
  byebug
  faker

BUNDLED WITH
   1.16.5
